PATH
  remote: .
  specs:
    rave_ruby (1.1.3)
      httparty (>= 0.21.0)

GEM
  remote: https://rubygems.org/
  specs:
    diff-lcs (1.5.0)
    dotenv (2.8.1)
    httparty (0.21.0)
      mini_mime (>= 1.0.0)
      multi_xml (>= 0.5.2)
    mini_mime (1.1.5)
    multi_xml (0.6.0)
    rake (13.0.6)
    rspec (3.12.0)
      rspec-core (~> 3.12.0)
      rspec-expectations (~> 3.12.0)
      rspec-mocks (~> 3.12.0)
    rspec-core (3.12.2)
      rspec-support (~> 3.12.0)
    rspec-expectations (3.12.3)
      diff-lcs (>= 1.2.0, < 2.0)
      rspec-support (~> 3.12.0)
    rspec-mocks (3.12.6)
      diff-lcs (>= 1.2.0, < 2.0)
      rspec-support (~> 3.12.0)
    rspec-support (3.12.1)

PLATFORMS
  ruby

DEPENDENCIES
  bundler (>= 1.17)
  dotenv (>= 2.8.1)
  rake (>= 13.0.6)
  rave_ruby!
  rspec (>= 3.2)

BUNDLED WITH
   2.2.3
